GEM
  remote: https://rubygems.org/
  specs:
    asciidoctor (1.5.2)
    coderay (1.1.0)

PLATFORMS
  x64-mingw32

DEPENDENCIES
  asciidoctor (= 1.5.2)
  coderay (~> 1.1.0)

BUNDLED WITH
   1.10.6
