GEM
  remote: https://rubygems.org/
  specs:
    asciidoctor (1.5.2)
    asciidoctor-epub3 (1.5.0.alpha.4)
      asciidoctor (~> 1.5.0)
      gepub (~> 0.6.9.2)
      thread_safe (~> 0.3.4)
    coderay (1.1.0)
    gepub (0.6.9.2)
      nokogiri (~> 1.6.1)
      rubyzip (>= 1.1.1)
    mini_portile (0.6.2)
    nokogiri (1.6.6.2-x64-mingw32)
      mini_portile (~> 0.6.0)
    rubyzip (1.1.7)
    thread_safe (0.3.5)

PLATFORMS
  ruby
  x64-mingw32

DEPENDENCIES
  asciidoctor (= 1.5.2)
  asciidoctor-epub3 (~> 1.5.0.alpha.4)
  coderay (~> 1.1.0)

BUNDLED WITH
   1.10.6
